GEM
  remote: https://rubygems.org/
  specs:
    debugger-ruby_core_source (1.2.2)
    diff-lcs (1.1.3)
    file_utils (1.0.6)
    gemcutter (0.7.1)
    gemspec_deps_gen (1.0.5)
      file_utils
    highline (1.6.15)
    metaclass (0.0.1)
    mocha (0.13.1)
      metaclass (~> 0.0.1)
    net-ssh (2.6.2)
    rake (10.0.4)
    rspec (2.12.0)
      rspec-core (~> 2.12.0)
      rspec-expectations (~> 2.12.0)
      rspec-mocks (~> 2.12.0)
    rspec-core (2.12.2)
    rspec-expectations (2.12.1)
      diff-lcs (~> 1.1.3)
    rspec-mocks (2.12.0)
    ruby-debug-base19x (0.11.30.pre12)
      debugger-ruby_core_source (>= 1.1.4)
      rake (>= 0.8.1)
    ruby-debug-ide (0.4.17)
      rake (>= 0.8.1)

PLATFORMS
  ruby

DEPENDENCIES
  gemcutter
  gemspec_deps_gen
  highline
  mocha
  net-ssh
  rspec
  ruby-debug-base19x (= 0.11.30.pre12)
  ruby-debug-ide (= 0.4.17)
