GEM
  remote: https://rubygems.org/
  specs:
    diff-lcs (1.1.3)
    file_utils (1.0.7)
    gemcutter (0.7.1)
    gemspec_deps_gen (1.1.2)
      bundler
      file_utils
    highline (1.6.15)
    metaclass (0.0.1)
    mocha (0.13.1)
      metaclass (~> 0.0.1)
    net-ssh (2.8.0)
    rspec (2.12.0)
      rspec-core (~> 2.12.0)
      rspec-expectations (~> 2.12.0)
      rspec-mocks (~> 2.12.0)
    rspec-core (2.12.2)
    rspec-expectations (2.12.1)
      diff-lcs (~> 1.1.3)
    rspec-mocks (2.12.0)
    text-interpolator (1.0.0)

PLATFORMS
  ruby

DEPENDENCIES
  gemcutter (~> 0.7)
  gemspec_deps_gen (~> 1.1)
  highline (~> 1.6)
  mocha
  net-ssh (~> 2.8)
  rspec
  text-interpolator (~> 1.0)
