GEM
  remote: https://rubygems.org/
  specs:
    awesome_print (1.6.1)
    blankslate (3.1.3)
    diff-lcs (1.2.5)
    file_utils (1.1.2)
    gemcutter (0.7.1)
    gemspec_deps_gen (1.1.2)
      bundler
      file_utils
    highline (1.7.8)
    json_pure (1.8.3)
    net-ssh (2.9.2)
    parslet (1.7.1)
      blankslate (>= 2.0, <= 4.0)
    rspec (3.3.0)
      rspec-core (~> 3.3.0)
      rspec-expectations (~> 3.3.0)
      rspec-mocks (~> 3.3.0)
    rspec-core (3.3.2)
      rspec-support (~> 3.3.0)
    rspec-expectations (3.3.1)
      diff-lcs (>= 1.2.0, < 2.0)
      rspec-support (~> 3.3.0)
    rspec-mocks (3.3.2)
      diff-lcs (>= 1.2.0, < 2.0)
      rspec-support (~> 3.3.0)
    rspec-support (3.3.0)
    text-interpolator (1.1.9)
    thor (0.19.1)

PLATFORMS
  ruby

DEPENDENCIES
  awesome_print (~> 1.6)
  gemcutter (~> 0.7)
  gemspec_deps_gen (~> 1.1)
  highline (~> 1.6)
  json_pure (~> 1.8)
  net-ssh (~> 2.9)
  parslet (~> 1.7)
  rspec (~> 3.3)
  text-interpolator (~> 1.1)
  thor (~> 0.19)

BUNDLED WITH
   1.10.6
