GEM
  remote: http://rubygems.org/
  specs:
    diff-lcs (1.1.3)
    file_utils (1.0.5)
    gemcutter (0.7.1)
    gemspec_deps_gen (1.0.3)
      file_utils
    highline (1.6.15)
    metaclass (0.0.1)
    mocha (0.13.0)
      metaclass (~> 0.0.1)
    rspec (2.11.0)
      rspec-core (~> 2.11.0)
      rspec-expectations (~> 2.11.0)
      rspec-mocks (~> 2.11.0)
    rspec-core (2.11.1)
    rspec-expectations (2.11.3)
      diff-lcs (~> 1.1.3)
    rspec-mocks (2.11.3)

PLATFORMS
  java
  ruby

DEPENDENCIES
  gemcutter
  gemspec_deps_gen
  highline
  mocha
  rspec
